GEM
  remote: https://rubygems.org/
  specs:
    debug (1.7.1)
      irb (>= 1.5.0)
      reline (>= 0.3.1)
    io-console (0.6.0)
    irb (1.6.2)
      reline (>= 0.3.0)
    parslet (2.0.0)
    rainbow (3.1.1)
    reline (0.3.2)
      io-console (~> 0.5)
    toml (0.3.0)
      parslet (>= 1.8.0, < 3.0.0)

PLATFORMS
  arm64-darwin-21

DEPENDENCIES
  debug (~> 1.7)
  rainbow (~> 3.1)
  toml (~> 0.3.0)

BUNDLED WITH
   2.4.1
